PATH
  remote: .
  specs:
    patch-tester (0.9)
      curb
      nokogiri

GEM
  remote: http://rubygems.org/
  specs:
    curb (0.8.0)
    nokogiri (1.5.0)

PLATFORMS
  ruby

DEPENDENCIES
  patch-tester!
